PATH
  remote: .
  specs:
    scale_down (0.2.9)
      rmagick (>= 2.1)
      ruby-hmac (>= 0.4.0)
      sinatra (>= 1.0)

GEM
  remote: http://rubygems.org/
  specs:
    contest (0.1.3)
    daemons (1.1.4)
    eventmachine (0.12.10)
    mocha (0.9.8)
      rake
    rack (1.2.2)
    rack-test (0.5.6)
      rack (>= 1.0)
    rake (0.8.7)
    rmagick (2.13.1)
    ruby-hmac (0.4.0)
    sinatra (1.2.7)
      rack (~> 1.1)
      tilt (>= 1.2.2, < 2.0)
    thin (1.3.1)
      daemons (>= 1.0.9)
      eventmachine (>= 0.12.6)
      rack (>= 1.0.0)
    tilt (1.3.3)

PLATFORMS
  ruby

DEPENDENCIES
  contest (>= 0.1.2)
  mocha (= 0.9.8)
  rack-test (= 0.5.6)
  scale_down!
  thin
